GIT
  remote: git://github.com/spree/spree_comments.git
  revision: 7add222f109b8dfac9efc7ec0f791b622feaf89a
  specs:
    spree_comments (2.0.0)
      acts_as_commentable (= 3.0.1)
      spree_api
      spree_backend
      spree_core (>= 2.0.1)

GIT
  remote: git://github.com/spree/spree_email_to_friend.git
  revision: a0f19ec8f5c840f9f8e34fe7c536bfd4a11b3423
  specs:
    spree_email_to_friend (1.3)
      recaptcha (>= 0.3.1)
      spree_core (~> 2.1.0.beta)

GIT
  remote: git://github.com/spree/spree_wishlist.git
  revision: 489af7a92509e91addcf0ff149466438c1d9375c
  specs:
    spree_wishlist (1.3)
      spree_core (>= 2.0.0.beta)

GIT
  remote: git://github.com/usemodj/spree-bank-transfer.git
  revision: ff3f0b12622f4bfd64d9e028d63caa4829ffc2f6
  branch: master
  specs:
    spree_bank_transfer (1.0.1)
      spree_core
      twilio-ruby

GIT
  remote: git://github.com/usemodj/spree.git
  revision: 4cb54d69cc7148e7e8211f1c6256cc74da0967a3
  branch: master
  specs:
    spree (2.1.0.beta)
      spree_api (= 2.1.0.beta)
      spree_backend (= 2.1.0.beta)
      spree_cmd (= 2.1.0.beta)
      spree_core (= 2.1.0.beta)
      spree_frontend (= 2.1.0.beta)
      spree_sample (= 2.1.0.beta)
    spree_api (2.1.0.beta)
      rabl (= 0.8.4)
      spree_core (= 2.1.0.beta)
      versioncake (= 1.0.0)
    spree_backend (2.1.0.beta)
      deface
      jquery-rails
      jquery-ui-rails
      rails
      select2-rails
      spree_api (= 2.1.0.beta)
      spree_core (= 2.1.0.beta)
    spree_cmd (2.1.0.beta)
      thor (>= 0.14.6)
    spree_core (2.1.0.beta)
      activemerchant (~> 1.31)
      acts_as_list (= 0.2.0)
      awesome_nested_set (= 2.1.5)
      aws-sdk (~> 1.3.4)
      cancan (= 1.6.8)
      deface (>= 0.9.0)
      ffaker (~> 1.16.1)
      highline (= 1.6.18)
      httparty (~> 0.11)
      json (>= 1.7.7)
      kaminari (= 0.13.0)
      money (= 5.1.1)
      paperclip (~> 3.4.1)
      rails (~> 3.2.13)
      ransack (= 0.7.2)
      state_machine (= 1.2.0)
      stringex (~> 1.5.1)
      truncate_html (= 0.9.2)
    spree_frontend (2.1.0.beta)
      deface (>= 0.9.0)
      jquery-rails
      jquery-ui-rails
      rails (~> 3.2.13)
      select2-rails
      spree_api (= 2.1.0.beta)
      spree_core (= 2.1.0.beta)
      stringex (~> 1.5.1)
    spree_sample (2.1.0.beta)
      spree_core (= 2.1.0.beta)

GIT
  remote: git://github.com/usemodj/spree_address_book.git
  revision: 390d3c2d4db75b918b3dd41cac9aa4b0bd1d18c0
  specs:
    spree_address_book (1.3.0)
      spree_auth_devise
      spree_core (>= 1.2)

GIT
  remote: git://github.com/usemodj/spree_ajax_add_to_cart.git
  revision: 26014b7d7fd125f5e3d9aea30ace80c2f9601b4b
  specs:
    spree_ajax_add_to_cart (2.0.0)
      spree_core

GIT
  remote: git://github.com/usemodj/spree_essential_blog.git
  revision: 60e23772ac075610849599fbca10e94be9247656
  branch: master
  specs:
    spree_essential_blog (0.1.0)
      acts-as-taggable-on (~> 2.2.0)
      spree_essentials (~> 0.5.0)

GIT
  remote: git://github.com/usemodj/spree_grid_faq.git
  revision: 074c29c123429b908b7d262c0163caf9648e616e
  branch: master
  specs:
    spree_grid_faq (0.1.0)
      haml
      spree_core

GIT
  remote: git://github.com/usemodj/spree_print_invoice.git
  revision: ea6b03af2c9a30095f4c97f281de51c3f1185c62
  branch: master
  specs:
    spree_print_invoice (1.0.0)
      prawn
      spree_core

GIT
  remote: https://github.com/prawnpdf/prawn.git
  revision: 8028ca0cd2aae8c72df9fc4bf16388948423bcb2
  branch: master
  specs:
    prawn (1.0.0.rc2)
      afm
      pdf-reader (~> 1.2)
      ruby-rc4
      ttfunk (~> 1.0.3)

GIT
  remote: https://github.com/spree/spree_gateway.git
  revision: cf281578359ac51aa8219c179f53ba798d568870
  specs:
    spree_gateway (2.1.0.beta)
      savon (~> 1.2)
      spree_core (~> 2.0)

GIT
  remote: https://github.com/usemodj/spree_auth_devise.git
  revision: 93e98c26d2da099efef09f08545801622fd7359c
  specs:
    spree_auth_devise (2.1.0)
      cancan (~> 1.6.7)
      devise (~> 2.2.3)
      devise-encryptable (= 0.1.2)
      spree_backend (~> 2.1.0.beta)
      spree_core (~> 2.1.0.beta)
      spree_frontend (~> 2.1.0.beta)

GIT
  remote: https://github.com/usemodj/spree_better_breadcrumbs.git
  revision: e7c4366a337efab6375947429bf7cc8b82a9b785
  specs:
    spree_better_breadcrumbs (1.0.0)
      spree_core

GIT
  remote: https://github.com/usemodj/spree_contact_us.git
  revision: 5fe506738039952f245dc3dff547f85dc0cda721
  specs:
    spree_contact_us (2.0.0)
      spree_core (~> 2.1.0.beta)

GIT
  remote: https://github.com/usemodj/spree_essentials.git
  revision: c657c0922d0979d77e53eb70814aac5d9a48440c
  specs:
    spree_essentials (0.5.0)
      rdiscount
      spree_core

GIT
  remote: https://github.com/usemodj/spree_slider.git
  revision: 6dd625a325ccf9da0827816bb3d1e73d3561804c
  specs:
    spree_slider (1.2.0)
      spree_core

GEM
  remote: https://rubygems.org/
  specs:
    Ascii85 (1.0.2)
    actionmailer (3.2.13)
      actionpack (= 3.2.13)
      mail (~> 2.5.3)
    actionpack (3.2.13)
      activemodel (= 3.2.13)
      activesupport (= 3.2.13)
      builder (~> 3.0.0)
      erubis (~> 2.7.0)
      journey (~> 1.0.4)
      rack (~> 1.4.5)
      rack-cache (~> 1.2)
      rack-test (~> 0.6.1)
      sprockets (~> 2.2.1)
    active_utils (2.0.0)
      activesupport (>= 2.3.11)
      i18n
    activemerchant (1.35.1)
      active_utils (>= 1.0.2)
      activesupport (>= 2.3.14)
      builder (>= 2.0.0)
      i18n
      json (>= 1.5.1)
      money
      nokogiri (< 1.6.0)
    activemodel (3.2.13)
      activesupport (= 3.2.13)
      builder (~> 3.0.0)
    activerecord (3.2.13)
      activemodel (= 3.2.13)
      activesupport (= 3.2.13)
      arel (~> 3.0.2)
      tzinfo (~> 0.3.29)
    activeresource (3.2.13)
      activemodel (= 3.2.13)
      activesupport (= 3.2.13)
    activesupport (3.2.13)
      i18n (= 0.6.1)
      multi_json (~> 1.0)
    acts-as-taggable-on (2.2.2)
      rails (~> 3.0)
    acts_as_commentable (3.0.1)
    acts_as_list (0.2.0)
      activerecord (>= 3.0)
    afm (0.2.0)
    akami (1.2.0)
      gyoku (>= 0.4.0)
      nokogiri (>= 1.4.0)
    arel (3.0.2)
    awesome_nested_set (2.1.5)
      activerecord (>= 3.0.0)
    aws-sdk (1.3.9)
      httparty (~> 0.7)
      json (~> 1.4)
      nokogiri (>= 1.4.4)
      uuidtools (~> 2.1)
    bcrypt-ruby (3.1.1)
    builder (3.0.4)
    cancan (1.6.8)
    climate_control (0.0.3)
      activesupport (>= 3.0)
    cocaine (0.5.1)
      climate_control (>= 0.0.3, < 1.0)
    coffee-rails (3.2.2)
      coffee-script (>= 2.2.0)
      railties (~> 3.2.0)
    coffee-script (2.2.0)
      coffee-script-source
      execjs
    coffee-script-source (1.6.3)
    deface (0.9.1)
      nokogiri (~> 1.5.0)
      rails (~> 3.1)
    devise (2.2.4)
      bcrypt-ruby (~> 3.0)
      orm_adapter (~> 0.1)
      railties (~> 3.1)
      warden (~> 1.2.1)
    devise-encryptable (0.1.2)
      devise (>= 2.1.0)
    erubis (2.7.0)
    execjs (1.4.0)
      multi_json (~> 1.0)
    ffaker (1.16.2)
    gyoku (0.4.6)
      builder (>= 2.1.2)
    haml (4.0.3)
      tilt
    hashery (2.1.0)
    highline (1.6.18)
    hike (1.2.3)
    httparty (0.11.0)
      multi_json (~> 1.0)
      multi_xml (>= 0.5.2)
    httpi (1.1.1)
      rack
    i18n (0.6.1)
    journey (1.0.4)
    jquery-rails (3.0.4)
      railties (>= 3.0, < 5.0)
      thor (>= 0.14, < 2.0)
    jquery-ui-rails (4.0.4)
      jquery-rails
      railties (>= 3.1.0)
    json (1.8.0)
    jwt (0.1.8)
      multi_json (>= 1.5)
    kaminari (0.13.0)
      actionpack (>= 3.0.0)
      activesupport (>= 3.0.0)
      railties (>= 3.0.0)
    libv8 (3.11.8.17)
    mail (2.5.4)
      mime-types (~> 1.16)
      treetop (~> 1.4.8)
    mime-types (1.23)
    money (5.1.1)
      i18n (~> 0.6.0)
    multi_json (1.7.7)
    multi_xml (0.5.4)
    mysql2 (0.3.13)
    nokogiri (1.5.10)
    nori (1.1.5)
    orm_adapter (0.4.0)
    paperclip (3.4.2)
      activemodel (>= 3.0.0)
      activerecord (>= 3.0.0)
      activesupport (>= 3.0.0)
      cocaine (~> 0.5.0)
      mime-types
    pdf-reader (1.3.3)
      Ascii85 (~> 1.0.0)
      afm (~> 0.2.0)
      hashery (~> 2.0)
      ruby-rc4
      ttfunk
    polyamorous (0.5.0)
      activerecord (~> 3.0)
    polyglot (0.3.3)
    rabl (0.8.4)
      activesupport (>= 2.3.14)
    rack (1.4.5)
    rack-cache (1.2)
      rack (>= 0.4)
    rack-ssl (1.3.3)
      rack
    rack-test (0.6.2)
      rack (>= 1.0)
    rails (3.2.13)
      actionmailer (= 3.2.13)
      actionpack (= 3.2.13)
      activerecord (= 3.2.13)
      activeresource (= 3.2.13)
      activesupport (= 3.2.13)
      bundler (~> 1.0)
      railties (= 3.2.13)
    rails-i18n (0.7.4)
      i18n (~> 0.5)
    railties (3.2.13)
      actionpack (= 3.2.13)
      activesupport (= 3.2.13)
      rack-ssl (~> 1.3.2)
      rake (>= 0.8.7)
      rdoc (~> 3.4)
      thor (>= 0.14.6, < 2.0)
    rake (10.1.0)
    ransack (0.7.2)
      actionpack (~> 3.0)
      activerecord (~> 3.0)
      polyamorous (~> 0.5.0)
    rdiscount (2.1.6)
    rdoc (3.12.2)
      json (~> 1.4)
    recaptcha (0.3.5)
    ref (1.0.5)
    ruby-rc4 (0.1.5)
    sass (3.2.10)
    sass-rails (3.2.6)
      railties (~> 3.2.0)
      sass (>= 3.1.10)
      tilt (~> 1.3)
    savon (1.2.0)
      akami (~> 1.2.0)
      builder (>= 2.1.2)
      gyoku (~> 0.4.5)
      httpi (~> 1.1.0)
      nokogiri (>= 1.4.0)
      nori (~> 1.1.0)
      wasabi (~> 2.5.0)
    select2-rails (3.4.3)
      sass-rails
      thor (~> 0.14)
    sprockets (2.2.2)
      hike (~> 1.2)
      multi_json (~> 1.0)
      rack (~> 1.0)
      tilt (~> 1.1, != 1.3.0)
    state_machine (1.2.0)
    stringex (1.5.1)
    therubyracer (0.11.4)
      libv8 (~> 3.11.8.12)
      ref
    thor (0.18.1)
    tilt (1.4.1)
    tinymce-rails (4.0.2)
      railties (>= 3.1.1)
    treetop (1.4.14)
      polyglot
      polyglot (>= 0.3.1)
    truncate_html (0.9.2)
    ttfunk (1.0.3)
    twilio-ruby (3.10.1)
      builder (>= 2.1.2)
      jwt (>= 0.1.2)
      multi_json (>= 1.3.0)
    tzinfo (0.3.37)
    uglifier (2.1.2)
      execjs (>= 0.3.0)
      multi_json (~> 1.0, >= 1.0.2)
    uuidtools (2.1.4)
    versioncake (1.0.0)
      actionpack (>= 3.0)
      activesupport (>= 3.0)
      railties (>= 3.0)
    warden (1.2.3)
      rack (>= 1.0)
    wasabi (2.5.1)
      httpi (~> 1.0)
      nokogiri (>= 1.4.0)

PLATFORMS
  ruby

DEPENDENCIES
  coffee-rails (~> 3.2.1)
  jquery-rails
  jquery-ui-rails
  mysql2
  prawn!
  rails (= 3.2.13)
  rails-i18n
  sass-rails (~> 3.2.3)
  spree!
  spree_address_book!
  spree_ajax_add_to_cart!
  spree_auth_devise!
  spree_bank_transfer!
  spree_better_breadcrumbs!
  spree_comments!
  spree_contact_us!
  spree_email_to_friend!
  spree_essential_blog!
  spree_essentials!
  spree_gateway!
  spree_grid_faq!
  spree_print_invoice!
  spree_slider!
  spree_wishlist!
  therubyracer
  tinymce-rails
  uglifier (>= 1.0.3)
